GEM
  remote: http://rubygems.org/
  specs:
    coderay (1.0.9)
    coffee-script (2.2.0)
      coffee-script-source
      execjs
    coffee-script-source (1.6.1)
    dbf (2.0.3)
      fastercsv (~> 1.5.4)
    execjs (1.4.0)
      multi_json (~> 1.0)
    fastercsv (1.5.5)
    method_source (0.8.1)
    multi_json (1.6.1)
    pry (0.9.12)
      coderay (~> 1.0.5)
      method_source (~> 0.8)
      slop (~> 3.4)
    rack (1.5.2)
    rack-protection (1.4.0)
      rack
    rgeo (0.3.20)
    rgeo-shapefile (0.2.3)
      dbf (>= 1.7.0)
      rgeo (>= 0.3.3)
    sinatra (1.3.5)
      rack (~> 1.4)
      rack-protection (~> 1.3)
      tilt (~> 1.3, >= 1.3.3)
    slop (3.4.3)
    tilt (1.3.4)

PLATFORMS
  ruby

DEPENDENCIES
  coffee-script
  pry
  rgeo
  rgeo-shapefile
  sinatra
